PATH
  remote: .
  specs:
    sxp (0.1.1)
      json (>= 1.4.6)

GEM
  remote: http://rubygems.org/
  specs:
    diff-lcs (1.1.3)
    json (1.7.6)
    rspec (2.12.0)
      rspec-core (~> 2.12.0)
      rspec-expectations (~> 2.12.0)
      rspec-mocks (~> 2.12.0)
    rspec-core (2.12.2)
    rspec-expectations (2.12.1)
      diff-lcs (~> 1.1.3)
    rspec-mocks (2.12.1)
    yard (0.8.3)

PLATFORMS
  ruby

DEPENDENCIES
  rspec (>= 2.12.0)
  sxp!
  yard (>= 0.8.3)
